PATH
  remote: .
  specs:
    rhc (0.93.1)
      archive-tar-minitar
      commander (>= 4.0)
      net-ssh
      parseconfig
      rake
      rest-client (>= 1.6)
      sshkey

GEM
  remote: http://rubygems.org/
  specs:
    addressable (2.2.8)
    archive-tar-minitar (0.5.2)
    commander (4.1.2)
      highline (~> 1.6.11)
    crack (0.3.1)
    highline (1.6.12)
    mime-types (1.18)
    multi_json (1.3.5)
    net-ssh (2.3.0)
    parseconfig (0.5.2)
    rake (0.9.2.2)
    rest-client (1.6.7)
      mime-types (>= 1.16)
    rspec (1.3.2)
    simplecov (0.6.4)
      multi_json (~> 1.0)
      simplecov-html (~> 0.5.3)
    simplecov-html (0.5.3)
    sshkey (1.3.0)
    webmock (1.8.7)
      addressable (>= 2.2.7)
      crack (>= 0.1.7)

PLATFORMS
  ruby

DEPENDENCIES
  rhc!
  rspec (~> 1.3)
  simplecov
  webmock (>= 1.6)
