GEM
  remote: http://rubygems.org/
  specs:
    json (1.7.1)
    mime-types (1.18)
    parseconfig (0.5.2)
    rake (0.9.2.2)
    rest-client (1.6.7)
      mime-types (>= 1.16)
    test-unit (2.4.8)

PLATFORMS
  ruby

DEPENDENCIES
  bundler
  json
  parseconfig
  rake
  rest-client
  test-unit
